GEM
  remote: https://rubygems.org/
  specs:
    cinch (2.3.0)
    daemons (1.2.3)
    eventmachine (1.0.8)
    haml (4.0.7)
      tilt
    json (1.8.3)
    minitest (5.8.2)
    rack (1.6.4)
    rack-protection (1.5.3)
      rack
    rack-test (0.6.3)
      rack (>= 1.0)
    redis (3.2.1)
    redis-namespace (1.5.2)
      redis (~> 3.0, >= 3.0.4)
    sinatra (1.4.6)
      rack (~> 1.4)
      rack-protection (~> 1.4)
      tilt (>= 1.3, < 3)
    thin (1.6.4)
      daemons (~> 1.0, >= 1.0.9)
      eventmachine (~> 1.0, >= 1.0.4)
      rack (~> 1.0)
    tilt (2.0.1)

PLATFORMS
  ruby

DEPENDENCIES
  cinch
  haml
  json
  minitest
  rack-test
  redis
  redis-namespace
  sinatra
  thin

BUNDLED WITH
   1.10.6
